GEM
  remote: https://rubygems.org/
  specs:
    RedCloth (4.2.9)
    haml (4.1.0.beta.1)
      tilt
    haml-contrib (1.0.0.1)
      haml (>= 3.2.0.alpha.13)
    libxml-ruby (2.7.0)
    rack (1.5.2)
    rack-protection (1.5.3)
      rack
    sass (3.4.5)
    shotgun (0.9)
      rack (>= 1.0)
    sinatra (1.4.5)
      rack (~> 1.4)
      rack-protection (~> 1.4)
      tilt (~> 1.3, >= 1.3.4)
    tilt (1.4.1)
    yard (0.9.12)

PLATFORMS
  ruby

DEPENDENCIES
  RedCloth
  bundler
  haml
  haml-contrib
  libxml-ruby
  rack
  sass
  shotgun
  sinatra
  tilt (~> 1.4.1)
  yard

RUBY VERSION
   ruby 2.4.1p111

BUNDLED WITH
   1.16.1
